GEM
  remote: http://rubygems.org/
  specs:
    ezcrypto (0.7.2)
    haml (3.0.23)
    hashie (0.4.0)
    json (1.4.6)
    macaddr (1.0.0)
    mime-types (1.16)
    nokogiri (1.4.3.1)
    oauth (0.4.3)
    rack (1.1.0)
    redfinger (0.0.6)
      hashie
      nokogiri (>= 1.4.0)
      rest-client (>= 1.5.0)
    redis (2.0.10)
    rest-client (1.6.1)
      mime-types (>= 1.16)
    ruby-openid (2.1.8)
    sinatra (1.0)
      rack (>= 1.0)
    typhoeus (0.1.31)
      rack
    uuid (2.3.1)
      macaddr (~> 1.0)

PLATFORMS
  ruby

DEPENDENCIES
  ezcrypto
  haml
  json
  oauth
  rack (= 1.1)
  redfinger
  redis
  ruby-openid
  sinatra (= 1.0)
  typhoeus
  uuid
